GIT
  remote: https://github.com/kvn47/rubycue
  revision: 5e78bf9dae6be121b178b4d46698035a371f8b0b
  specs:
    rubycue (0.2.0)

PATH
  remote: .
  specs:
    music_organizer (0.1.1)
      rubycue (~> 0.2.0)
      taglib-ruby (~> 0.7.1)

GEM
  remote: https://rubygems.org/
  specs:
    diff-lcs (1.3)
    rake (10.5.0)
    rspec (3.8.0)
      rspec-core (~> 3.8.0)
      rspec-expectations (~> 3.8.0)
      rspec-mocks (~> 3.8.0)
    rspec-core (3.8.0)
      rspec-support (~> 3.8.0)
    rspec-expectations (3.8.2)
      diff-lcs (>= 1.2.0, < 2.0)
      rspec-support (~> 3.8.0)
    rspec-mocks (3.8.0)
      diff-lcs (>= 1.2.0, < 2.0)
      rspec-support (~> 3.8.0)
    rspec-support (3.8.0)
    taglib-ruby (0.7.1)

PLATFORMS
  ruby

DEPENDENCIES
  bundler (~> 1.16)
  music_organizer!
  rake (~> 10.0)
  rspec (~> 3.0)
  rubycue (~> 0.2.0)!

BUNDLED WITH
   1.17.2
